GEM
  remote: https://rubygems.org/
  specs:
    mime-types (2.4.3)
    mini_portile (0.6.1)
    netrc (0.8.0)
    nokogiri (1.6.4.1)
      mini_portile (~> 0.6.0)
    rake (10.1.0)
    rest-client (1.7.2)
      mime-types (>= 1.16, < 3.0)
      netrc (~> 0.7)

PLATFORMS
  ruby

DEPENDENCIES
  nokogiri
  rake
  rest-client
